PATH
  remote: .
  specs:
    pytty (0.5.1)
      async-websocket
      clamp (~> 1.3)
      falcon
      mustermann

GEM
  remote: https://rubygems.org/
  specs:
    async (1.14.0)
      nio4r (~> 2.3)
      timers (~> 4.1)
    async-container (0.9.0)
      async (~> 1.0)
      async-io (~> 1.4)
    async-http (0.37.10)
      async (~> 1.14)
      async-io (~> 1.18)
      http-protocol (~> 0.10)
    async-io (1.18.1)
      async (~> 1.14)
    async-websocket (0.6.1)
      async-io
      websocket-driver (~> 0.7.0)
    clamp (1.3.0)
    coderay (1.1.2)
    diff-lcs (1.3)
    falcon (0.20.0)
      async (~> 1.13)
      async-container (~> 0.9.0)
      async-http (~> 0.37.2)
      async-io (~> 1.18)
      http-protocol (~> 0.10.0)
      localhost (~> 1.1)
      rack (>= 1.0)
      samovar (~> 1.3)
    ffi (1.10.0)
    formatador (0.2.5)
    guard (2.15.0)
      formatador (>= 0.2.4)
      listen (>= 2.7, < 4.0)
      lumberjack (>= 1.0.12, < 2.0)
      nenv (~> 0.1)
      notiffany (~> 0.0)
      pry (>= 0.9.12)
      shellany (~> 0.0)
      thor (>= 0.18.1)
    guard-bundler (2.1.0)
      bundler (~> 1.0)
      guard (~> 2.2)
      guard-compat (~> 1.1)
    guard-compat (1.2.1)
    guard-process (1.2.1)
      guard-compat (~> 1.2, >= 1.2.1)
      spoon (~> 0.0.1)
    guard-rspec (4.7.3)
      guard (~> 2.1)
      guard-compat (~> 1.1)
      rspec (>= 2.99.0, < 4.0)
    http-hpack (0.1.1)
    http-protocol (0.10.1)
      http-hpack (~> 0.1.0)
    listen (3.1.5)
      rb-fsevent (~> 0.9, >= 0.9.4)
      rb-inotify (~> 0.9, >= 0.9.7)
      ruby_dep (~> 1.2)
    localhost (1.1.4)
    lumberjack (1.0.13)
    mapping (1.1.1)
    method_source (0.9.2)
    mustermann (1.0.3)
    nenv (0.3.0)
    nio4r (2.3.1)
    notiffany (0.1.1)
      nenv (~> 0.1)
      shellany (~> 0.0)
    pry (0.12.2)
      coderay (~> 1.1.0)
      method_source (~> 0.9.0)
    rack (2.0.6)
    rainbow (3.0.0)
    rake (10.5.0)
    rb-fsevent (0.10.3)
    rb-inotify (0.10.0)
      ffi (~> 1.0)
    rspec (3.8.0)
      rspec-core (~> 3.8.0)
      rspec-expectations (~> 3.8.0)
      rspec-mocks (~> 3.8.0)
    rspec-core (3.8.0)
      rspec-support (~> 3.8.0)
    rspec-expectations (3.8.2)
      diff-lcs (>= 1.2.0, < 2.0)
      rspec-support (~> 3.8.0)
    rspec-mocks (3.8.0)
      diff-lcs (>= 1.2.0, < 2.0)
      rspec-support (~> 3.8.0)
    rspec-support (3.8.0)
    ruby_dep (1.5.0)
    samovar (1.9.1)
      mapping (~> 1.0)
      rainbow (>= 2.0, < 4.0)
    shellany (0.0.1)
    spoon (0.0.6)
      ffi
    thor (0.20.3)
    timers (4.2.0)
    websocket-driver (0.7.0)
      websocket-extensions (>= 0.1.0)
    websocket-extensions (0.1.3)

PLATFORMS
  ruby

DEPENDENCIES
  bundler (~> 1.16)
  guard
  guard-bundler
  guard-process
  guard-rspec
  pytty!
  rake (~> 10.0)
  rspec (~> 3.0)

BUNDLED WITH
   1.17.2
